PATH
  remote: ../git_lib
  specs:
    git_lib (2.0.0)
      activesupport (>= 4.2)

PATH
  remote: ../git_models
  specs:
    git_models (2.0.0)
      git_lib (~> 2.0)
      hobo_fields (~> 3.0)
      rails (~> 5.2)

PATH
  remote: ../hobo_fields
  specs:
    hobo_fields (3.0.0)
      invoca-utils (~> 0.4)

GEM
  remote: https://rubygems.org/
  remote: https://gem.fury.io/invoca/
  specs:
    abstract_type (0.0.7)
    actioncable (5.2.4.3)
      actionpack (= 5.2.4.3)
      nio4r (~> 2.0)
      websocket-driver (>= 0.6.1)
    actionmailer (5.2.4.3)
      actionpack (= 5.2.4.3)
      actionview (= 5.2.4.3)
      activejob (= 5.2.4.3)
      mail (~> 2.5, >= 2.5.4)
      rails-dom-testing (~> 2.0)
    actionpack (5.2.4.3)
      actionview (= 5.2.4.3)
      activesupport (= 5.2.4.3)
      rack (~> 2.0, >= 2.0.8)
      rack-test (>= 0.6.3)
      rails-dom-testing (~> 2.0)
      rails-html-sanitizer (~> 1.0, >= 1.0.2)
    actionview (5.2.4.3)
      activesupport (= 5.2.4.3)
      builder (~> 3.1)
      erubi (~> 1.4)
      rails-dom-testing (~> 2.0)
      rails-html-sanitizer (~> 1.0, >= 1.0.3)
    activejob (5.2.4.3)
      activesupport (= 5.2.4.3)
      globalid (>= 0.3.6)
    activemodel (5.2.4.3)
      activesupport (= 5.2.4.3)
    activerecord (5.2.4.3)
      activemodel (= 5.2.4.3)
      activesupport (= 5.2.4.3)
      arel (>= 9.0)
    activestorage (5.2.4.3)
      actionpack (= 5.2.4.3)
      activerecord (= 5.2.4.3)
      marcel (~> 0.3.1)
    activesupport (5.2.4.3)
      concurrent-ruby (~> 1.0, >= 1.0.2)
      i18n (>= 0.7, < 2)
      minitest (~> 5.1)
      tzinfo (~> 1.1)
    adamantium (0.2.0)
      ice_nine (~> 0.11.0)
      memoizable (~> 0.4.0)
    addressable (2.7.0)
      public_suffix (>= 2.0.2, < 5.0)
    anima (0.3.1)
      abstract_type (~> 0.0.7)
      adamantium (~> 0.2)
      equalizer (~> 0.0.11)
    arel (9.0.0)
    ast (2.4.1)
    atlassian-jwt (0.2.0)
      jwt (~> 2.1.0)
    autoprefixer-rails (9.7.6)
      execjs
    bindex (0.8.1)
    bootstrap-sass (3.4.1)
      autoprefixer-rails (>= 5.2.1)
      sassc (>= 2.0.0)
    brakeman (4.8.2)
    builder (3.2.4)
    bundler-audit (0.7.0.1)
      bundler (>= 1.2.0, < 3)
      thor (>= 0.18, < 2)
    byebug (11.1.3)
    coderay (1.1.3)
    coffee-rails (4.2.2)
      coffee-script (>= 2.2.0)
      railties (>= 4.0.0)
    coffee-script (2.4.1)
      coffee-script-source
      execjs
    coffee-script-source (1.12.2)
    concord (0.1.5)
      adamantium (~> 0.2.0)
      equalizer (~> 0.0.9)
    concurrent-ruby (1.1.6)
    contextual_logger (0.8.0)
      activesupport
      json
    coveralls (0.8.23)
      json (>= 1.8, < 3)
      simplecov (~> 0.16.1)
      term-ansicolor (~> 1.3)
      thor (>= 0.19.4, < 2.0)
      tins (~> 1.6)
    crack (0.4.3)
      safe_yaml (~> 1.0.0)
    crass (1.0.6)
    css_parser (1.7.1)
      addressable
    daemons (1.3.1)
    database_cleaner (1.8.5)
    delayed_job (4.1.8)
      activesupport (>= 3.0, < 6.1)
    delayed_job_active_record (4.1.4)
      activerecord (>= 3.0, < 6.1)
      delayed_job (>= 3.0, < 5)
    diff-lcs (1.3)
    docile (1.3.2)
    equalizer (0.0.11)
    erubi (1.9.0)
    eventmachine (1.2.7)
    exception_handling (2.4.3)
      actionmailer (>= 4.2, < 7.0)
      actionpack (>= 4.2, < 7.0)
      activesupport (>= 4.2, < 7.0)
      contextual_logger (~> 0.7)
      eventmachine (~> 1.0)
      invoca-utils (~> 0.3)
    execjs (2.7.0)
    fakefs (1.2.2)
    ffi (1.13.1)
    foreman (0.87.1)
    globalid (0.4.2)
      activesupport (>= 4.2.0)
    hashdiff (1.0.1)
    i18n (1.8.3)
      concurrent-ruby (~> 1.0)
    ice_nine (0.11.2)
    inline_styles (1.1.2)
      css_parser
      nokogiri
    inline_styles_mailer (1.0.3)
      inline_styles
      rails (>= 3.1, <= 6)
      sass-rails
    invoca-utils (0.4.1)
    invoca_secrets (0.5.0)
      activesupport (>= 4.2, < 7)
      exception_handling (~> 2.4)
      vault (~> 0.10.0)
    jbuilder (2.10.0)
      activesupport (>= 5.0.0)
    jira-ruby (2.0.0)
      activesupport
      atlassian-jwt
      multipart-post
      oauth (~> 0.5, >= 0.5.0)
    jquery-rails (4.4.0)
      rails-dom-testing (>= 1, < 3)
      railties (>= 4.2.0)
      thor (>= 0.14, < 2.0)
    json (1.8.6)
    jwt (2.1.0)
    kgio (2.11.3)
    loofah (2.6.0)
      crass (~> 1.0.2)
      nokogiri (>= 1.5.9)
    mail (2.7.1)
      mini_mime (>= 0.1.1)
    marcel (0.3.3)
      mimemagic (~> 0.3.2)
    memoizable (0.4.2)
      thread_safe (~> 0.3, >= 0.3.1)
    method_source (1.0.0)
    mimemagic (0.3.5)
    mini_mime (1.0.2)
    mini_portile2 (2.4.0)
    minitest (5.14.1)
    mprelude (0.1.0)
      abstract_type (~> 0.0.7)
      adamantium (~> 0.2.0)
      concord (~> 0.1.5)
      equalizer (~> 0.0.9)
      ice_nine (~> 0.11.1)
      procto (~> 0.0.2)
    multipart-post (2.1.1)
    mutant (0.9.6)
      abstract_type (~> 0.0.7)
      adamantium (~> 0.2.0)
      anima (~> 0.3.1)
      ast (~> 2.2)
      concord (~> 0.1.5)
      diff-lcs (~> 1.3)
      equalizer (~> 0.0.9)
      ice_nine (~> 0.11.1)
      memoizable (~> 0.4.2)
      mprelude (~> 0.1.0)
      parser (~> 2.7.0.2)
      procto (~> 0.0.2)
      unparser (~> 0.4.6)
      variable (~> 0.0.1)
    mutant-rspec (0.9.5)
      mutant (~> 0.9.5)
      rspec-core (>= 3.8.0, < 4.0.0)
    nio4r (2.5.2)
    nokogiri (1.10.9)
      mini_portile2 (~> 2.4.0)
    oauth (0.5.4)
    parallel (1.19.2)
    parser (2.7.0.5)
      ast (~> 2.4.0)
    procto (0.0.3)
    pry (0.13.1)
      coderay (~> 1.1)
      method_source (~> 1.0)
    public_suffix (4.0.5)
    rack (2.2.3)
    rack-test (1.1.0)
      rack (>= 1.0, < 3)
    rails (5.2.4.3)
      actioncable (= 5.2.4.3)
      actionmailer (= 5.2.4.3)
      actionpack (= 5.2.4.3)
      actionview (= 5.2.4.3)
      activejob (= 5.2.4.3)
      activemodel (= 5.2.4.3)
      activerecord (= 5.2.4.3)
      activestorage (= 5.2.4.3)
      activesupport (= 5.2.4.3)
      bundler (>= 1.3.0)
      railties (= 5.2.4.3)
      sprockets-rails (>= 2.0.0)
    rails-dom-testing (2.0.3)
      activesupport (>= 4.2.0)
      nokogiri (>= 1.6)
    rails-html-sanitizer (1.3.0)
      loofah (~> 2.3)
    railties (5.2.4.3)
      actionpack (= 5.2.4.3)
      activesupport (= 5.2.4.3)
      method_source
      rake (>= 0.8.7)
      thor (>= 0.19.0, < 2.0)
    rainbow (3.0.0)
    raindrops (0.19.1)
    rake (13.0.1)
    rb-fsevent (0.10.4)
    rb-inotify (0.10.1)
      ffi (~> 1.0)
    rdoc (4.3.0)
    regexp_parser (1.7.1)
    rexml (3.2.4)
    rspec (3.9.0)
      rspec-core (~> 3.9.0)
      rspec-expectations (~> 3.9.0)
      rspec-mocks (~> 3.9.0)
    rspec-core (3.9.2)
      rspec-support (~> 3.9.3)
    rspec-expectations (3.9.2)
      diff-lcs (>= 1.2.0, < 2.0)
      rspec-support (~> 3.9.0)
    rspec-mocks (3.9.1)
      diff-lcs (>= 1.2.0, < 2.0)
      rspec-support (~> 3.9.0)
    rspec-rails (4.0.1)
      actionpack (>= 4.2)
      activesupport (>= 4.2)
      railties (>= 4.2)
      rspec-core (~> 3.9)
      rspec-expectations (~> 3.9)
      rspec-mocks (~> 3.9)
      rspec-support (~> 3.9)
    rspec-support (3.9.3)
    rubocop (0.85.1)
      parallel (~> 1.10)
      parser (>= 2.7.0.1)
      rainbow (>= 2.2.2, < 4.0)
      regexp_parser (>= 1.7)
      rexml
      rubocop-ast (>= 0.0.3)
      ruby-progressbar (~> 1.7)
      unicode-display_width (>= 1.4.0, < 2.0)
    rubocop-ast (0.0.3)
      parser (>= 2.7.0.1)
    rubocop-rspec (1.40.0)
      rubocop (>= 0.68.1)
    ruby-progressbar (1.10.1)
    safe_yaml (1.0.5)
    sass (3.7.4)
      sass-listen (~> 4.0.0)
    sass-listen (4.0.0)
      rb-fsevent (~> 0.9, >= 0.9.4)
      rb-inotify (~> 0.9, >= 0.9.7)
    sass-rails (5.1.0)
      railties (>= 5.2.0)
      sass (~> 3.1)
      sprockets (>= 2.8, < 4.0)
      sprockets-rails (>= 2.0, < 4.0)
      tilt (>= 1.1, < 3)
    sassc (2.4.0)
      ffi (~> 1.9)
    sdoc (0.4.2)
      json (~> 1.7, >= 1.7.7)
      rdoc (~> 4.0)
    simplecov (0.16.1)
      docile (~> 1.1)
      json (>= 1.8, < 3)
      simplecov-html (~> 0.10.0)
    simplecov-html (0.10.2)
    spring (2.1.0)
    sprockets (3.7.2)
      concurrent-ruby (~> 1.0)
      rack (> 1, < 3)
    sprockets-rails (3.2.1)
      actionpack (>= 4.0)
      activesupport (>= 4.0)
      sprockets (>= 3.0.0)
    sqlite3 (1.3.13)
    stub_env (1.0.4)
      rspec (>= 2.0, < 4.0)
    sync (0.5.0)
    term-ansicolor (1.7.1)
      tins (~> 1.0)
    thor (1.0.1)
    thread_safe (0.3.6)
    tilt (2.0.10)
    timecop (0.9.1)
    tins (1.25.0)
      sync
    turbolinks (5.2.1)
      turbolinks-source (~> 5.2)
    turbolinks-source (5.2.0)
    tzinfo (1.2.7)
      thread_safe (~> 0.1)
    uglifier (4.2.0)
      execjs (>= 0.3.0, < 3)
    unicode-display_width (1.7.0)
    unicorn (5.5.5)
      kgio (~> 2.6)
      raindrops (~> 0.7)
    unparser (0.4.7)
      abstract_type (~> 0.0.7)
      adamantium (~> 0.2.0)
      concord (~> 0.1.5)
      diff-lcs (~> 1.3)
      equalizer (~> 0.0.9)
      parser (>= 2.6.5)
      procto (~> 0.0.2)
    variable (0.0.1)
      equalizer (~> 0.0.11)
    vault (0.10.1)
    web-console (3.7.0)
      actionview (>= 5.0)
      activemodel (>= 5.0)
      bindex (>= 0.4.0)
      railties (>= 5.0)
    webmock (3.8.3)
      addressable (>= 2.3.6)
      crack (>= 0.3.2)
      hashdiff (>= 0.4.0, < 2.0.0)
    websocket-driver (0.7.2)
      websocket-extensions (>= 0.1.0)
    websocket-extensions (0.1.5)

PLATFORMS
  ruby

DEPENDENCIES
  bootstrap-sass
  brakeman
  bundler-audit
  byebug
  coffee-rails (~> 4.1)
  coveralls (~> 0.8)
  daemons
  database_cleaner
  delayed_job_active_record
  fakefs
  foreman
  git_lib (~> 2.0)!
  git_models (~> 2.0)!
  hobo_fields (~> 3.0)!
  inline_styles_mailer
  invoca_secrets!
  jbuilder (~> 2.0)
  jira-ruby
  jquery-rails
  mutant-rspec
  nokogiri (~> 1.10)
  pry
  rails (~> 5.2, = 5.2.4.3)
  rspec
  rspec-rails
  rubocop
  rubocop-rspec
  sass-rails (~> 5.0)
  sdoc (~> 0.4.0)
  spring
  sqlite3 (~> 1.3.0)
  stub_env
  timecop
  turbolinks
  uglifier (>= 1.3.0)
  unicorn
  web-console
  webmock

BUNDLED WITH
   1.17.3
